GEM
  specs:

GEM
  remote: https://rubygems.org/
  specs:
    addressable (2.7.0)
      public_suffix (>= 2.0.2, < 5.0)
    better_errors (2.6.0)
      coderay (>= 1.0.0)
      erubi (>= 1.0.0)
      rack (>= 0.9.0)
    binding_of_caller (0.8.0)
      debug_inspector (>= 0.0.1)
    byebug (11.1.1)
    capybara (3.32.1)
      addressable
      mini_mime (>= 0.1.3)
      nokogiri (~> 1.8)
      rack (>= 1.6.0)
      rack-test (>= 0.6.3)
      regexp_parser (~> 1.5)
      xpath (~> 3.2)
    cfgdatabase (1.1.0)
      cfgstore
      monkey-hash
      sequel
    cfgstore (2.2.1)
      hashie
      monkey-hash
    coderay (1.1.2)
    concurrent-ruby (1.1.6)
    content_disposition (1.0.0)
    debug_inspector (0.0.3)
    diff-lcs (1.3)
    dotenv (2.7.5)
    down (5.1.1)
      addressable (~> 2.5)
    dry-configurable (0.11.5)
      concurrent-ruby (~> 1.0)
      dry-core (~> 0.4, >= 0.4.7)
      dry-equalizer (~> 0.2)
    dry-container (0.7.2)
      concurrent-ruby (~> 1.0)
      dry-configurable (~> 0.1, >= 0.1.3)
    dry-core (0.4.9)
      concurrent-ruby (~> 1.0)
    dry-equalizer (0.3.0)
    dry-logic (0.4.2)
      dry-container (~> 0.2, >= 0.2.6)
      dry-core (~> 0.2)
      dry-equalizer (~> 0.2)
    dry-types (0.12.3)
      concurrent-ruby (~> 1.0)
      dry-configurable (~> 0.1)
      dry-container (~> 0.3)
      dry-core (~> 0.2, >= 0.2.1)
      dry-equalizer (~> 0.2)
      dry-logic (~> 0.4, >= 0.4.2)
      inflecto (~> 0.0.0, >= 0.0.2)
    dry-validation (0.11.2)
      concurrent-ruby (~> 1.0)
      dry-configurable (~> 0.1, >= 0.1.3)
      dry-core (~> 0.2, >= 0.2.1)
      dry-equalizer (~> 0.2)
      dry-logic (~> 0.4.2)
      dry-types (~> 0.12.0)
    erubi (1.9.0)
    haml (5.1.2)
      temple (>= 0.8.0)
      tilt
    hanami (1.3.3)
      bundler (>= 1.6, < 3)
      concurrent-ruby (~> 1.0)
      hanami-assets (~> 1.3)
      hanami-cli (~> 0.3)
      hanami-controller (~> 1.3)
      hanami-helpers (~> 1.3)
      hanami-mailer (~> 1.3)
      hanami-router (~> 1.3)
      hanami-utils (~> 1.3)
      hanami-validations (>= 1.3, < 3)
      hanami-view (~> 1.3)
    hanami-assets (1.3.4)
      hanami-helpers (~> 1.3)
      hanami-utils (~> 1.3)
      tilt (~> 2.0, >= 2.0.2)
    hanami-cli (0.3.1)
      concurrent-ruby (~> 1.0)
      hanami-utils (~> 1.3)
    hanami-controller (1.3.3)
      hanami-utils (~> 1.3)
      rack (~> 2.0)
    hanami-helpers (1.3.3)
      hanami-utils (~> 1.3)
    hanami-mailer (1.3.2)
      hanami-utils (~> 1.3)
      mail (~> 2.6)
      tilt (~> 2.0, >= 2.0.1)
    hanami-router (1.3.2)
      hanami-utils (~> 1.3)
      http_router (= 0.11.2)
      rack (~> 2.0)
    hanami-utils (1.3.6)
      concurrent-ruby (~> 1.0)
      transproc (~> 1.0)
    hanami-validations (1.3.6)
      dry-logic (~> 0.4.2, < 0.5)
      dry-validation (~> 0.11, < 0.12)
      hanami-utils (~> 1.3)
    hanami-view (1.3.3)
      hanami-utils (~> 1.3)
      tilt (~> 2.0, >= 2.0.1)
    hanami-webconsole (0.1.0)
      better_errors (~> 2.4)
      binding_of_caller (~> 0.8)
    hashie (4.1.0)
    http_router (0.11.2)
      rack (>= 1.0.0)
      url_mount (~> 0.2.1)
    inflecto (0.0.2)
    io-console (0.5.6)
    irb (1.2.3)
      reline (>= 0.0.1)
    mail (2.7.1)
      mini_mime (>= 0.1.1)
    method_source (1.0.0)
    mini_mime (1.0.2)
    mini_portile2 (2.4.0)
    monkey-hash (1.2.0)
      msgpack
    msgpack (1.3.3)
    nio4r (2.5.8)
    nokogiri (1.10.9)
      mini_portile2 (~> 2.4.0)
    pg (1.2.3)
    pry (0.13.1)
      coderay (~> 1.1)
      method_source (~> 1.0)
    pry-byebug (3.9.0)
      byebug (~> 11.0)
      pry (~> 0.13.0)
    public_suffix (4.0.4)
    puma (4.3.11)
      nio4r (~> 2.0)
    rack (2.2.2)
    rack-test (1.1.0)
      rack (>= 1.0, < 3)
    rake (13.0.1)
    redcarpet (3.5.0)
    regexp_parser (1.7.0)
    reline (0.1.3)
      io-console (~> 0.5)
    rspec (3.9.0)
      rspec-core (~> 3.9.0)
      rspec-expectations (~> 3.9.0)
      rspec-mocks (~> 3.9.0)
    rspec-core (3.9.1)
      rspec-support (~> 3.9.1)
    rspec-expectations (3.9.1)
      diff-lcs (>= 1.2.0, < 2.0)
      rspec-support (~> 3.9.0)
    rspec-mocks (3.9.1)
      diff-lcs (>= 1.2.0, < 2.0)
      rspec-support (~> 3.9.0)
    rspec-support (3.9.2)
    sequel (5.31.0)
    sequel_workflow_persistence (0.1.1)
      sequel
      workflow
    shotgun (0.9.2)
      rack (>= 1.0)
    shrine (3.2.1)
      content_disposition (~> 1.0)
      down (~> 5.1)
    temple (0.8.2)
    thor (1.0.1)
    tilt (2.0.10)
    transproc (1.1.1)
    url_mount (0.2.1)
      rack
    workflow (2.0.2)
    xpath (3.2.0)
      nokogiri (~> 1.8)

PLATFORMS
  ruby

DEPENDENCIES
  capybara!
  cfgdatabase!
  cfgstore!
  dotenv (~> 2.4)!
  haml!
  hanami (~> 1.3)!
  hanami-webconsole!
  irb!
  monkey-hash!
  pg!
  pry-byebug!
  puma!
  rake!
  redcarpet!
  rspec!
  sequel!
  sequel_workflow_persistence!
  shotgun!
  shrine (~> 3.0)!
  thor!
  workflow!

BUNDLED WITH
   2.1.4
